GEM
  remote: https://www.rubygems.org/
  specs:
    appium_lib (0.19.0)
      awesome_print (~> 1.2.0)
      json (~> 1.8.1)
      posix-spawn (~> 0.3.8)
      selenium-webdriver (~> 2.39.0)
      toml (~> 0.0.4)
      webkit_remote (~> 0.4.1)
    awesome_print (1.2.0)
    blankslate (2.1.2.4)
    childprocess (0.4.0)
      ffi (~> 1.0, >= 1.0.11)
    diff-lcs (1.2.5)
    eventmachine (1.0.3)
    faye-websocket (0.7.2)
      eventmachine (>= 0.12.0)
      websocket-driver (>= 0.3.1)
    ffi (1.9.3)
    gherkin (2.12.2)
      multi_json (~> 1.3)
    json (1.8.1)
    multi_json (1.8.2)
    parslet (1.5.0)
      blankslate (~> 2.0)
    posix-spawn (0.3.8)
    rspec (2.14.1)
      rspec-core (~> 2.14.0)
      rspec-expectations (~> 2.14.0)
      rspec-mocks (~> 2.14.0)
    rspec-core (2.14.7)
    rspec-expectations (2.14.4)
      diff-lcs (>= 1.1.3, < 2.0)
    rspec-mocks (2.14.4)
    rubyzip (1.1.0)
    selenium-webdriver (2.39.0)
      childprocess (>= 0.2.5)
      multi_json (~> 1.0)
      rubyzip (~> 1.0)
      websocket (~> 1.0.4)
    toml (0.0.4)
      parslet
    turnip (1.2.1)
      gherkin (>= 2.5)
      rspec (>= 2.0, < 4.0)
    webkit_remote (0.4.1)
      eventmachine (>= 1.0.0)
      faye-websocket (>= 0.4.6)
      posix-spawn (>= 0.3.6)
    websocket (1.0.7)
    websocket-driver (0.3.2)

PLATFORMS
  ruby

DEPENDENCIES
  appium_lib
  rspec
  rspec-expectations
  turnip
